GEM
  remote: http://rubygems.org/
  specs:
    git (1.2.5)
    jeweler (1.6.4)
      bundler (~> 1.0)
      git (>= 1.2.5)
      rake
    mime-types (1.16)
    rake (0.9.2.2)
    rcov (0.9.11)
    rest-client (1.6.7)
      mime-types (>= 1.16)
    riot (0.12.5)
      rr
    rr (1.0.4)

PLATFORMS
  ruby

DEPENDENCIES
  bundler (~> 1.0.0)
  jeweler (~> 1.6.4)
  rcov
  rest-client
  riot
